GEM
  remote: https://rubygems.org/
  specs:
    dotenv (2.6.0)
    intercom (3.7.3)
    mustermann (1.0.3)
    puma (3.12.0)
    rack (2.0.6)
    rack-protection (2.0.5)
      rack
    sinatra (2.0.5)
      mustermann (~> 1.0)
      rack (~> 2.0)
      rack-protection (= 2.0.5)
      tilt (~> 2.0)
    tilt (2.0.9)

PLATFORMS
  ruby

DEPENDENCIES
  dotenv
  intercom
  puma
  sinatra

RUBY VERSION
   ruby 2.4.5p335

BUNDLED WITH
   2.0.1
